PATH
  remote: .
  specs:
    onload_js-rails (0.0.3)

GEM
  remote: http://rubygems.org/
  specs:

PLATFORMS
  ruby

DEPENDENCIES
  onload_js-rails!
