PATH
  remote: .
  specs:
    onload_js-rails (1.2.0)

GEM
  remote: http://rubygems.org/
  specs:

PLATFORMS
  ruby

DEPENDENCIES
  onload_js-rails!
